PATH
  remote: .
  specs:
    arcabouco (0.2.16)
      coffee-script
      compass
      haml
      handlebars_assets
      rack
      rack-test
      rake
      sass
      sinatra
      slop (~> 3.6)
      sprockets
      sprockets-helpers
      sprockets-sass
      therubyracer
      thin
      uglifier
      yui-compressor

GEM
  remote: https://rubygems.org/
  specs:
    ansi (1.4.3)
    chunky_png (1.3.11)
    coffee-script (2.4.1)
      coffee-script-source
      execjs
    coffee-script-source (1.12.2)
    compass (1.0.3)
      chunky_png (~> 1.2)
      compass-core (~> 1.0.2)
      compass-import-once (~> 1.0.5)
      rb-fsevent (>= 0.9.3)
      rb-inotify (>= 0.9)
      sass (>= 3.3.13, < 3.5)
    compass-core (1.0.3)
      multi_json (~> 1.0)
      sass (>= 3.3.0, < 3.5)
    compass-import-once (1.0.5)
      sass (>= 3.2, < 3.5)
    configuration (1.3.4)
    daemons (1.3.1)
    eventmachine (1.2.7)
    execjs (2.7.0)
    ffi (1.11.1)
    guard (0.2.2)
      open_gem (~> 1.4.2)
      thor (~> 0.14.3)
    guard-sprockets (0.3.1)
      guard (~> 0.2.2)
      sprockets (~> 2)
    haml (5.1.1)
      temple (>= 0.8.0)
      tilt
    handlebars_assets (0.23.4)
      execjs (~> 2.0)
      sprockets (>= 2.0.0)
      tilt (>= 1.2)
    hike (1.2.3)
    launchy (0.3.7)
      configuration (>= 0.0.5)
      rake (>= 0.8.1)
    libv8 (3.16.14.19)
    minitest (5.2.0)
    multi_json (1.12.1)
    open_gem (1.4.2)
      launchy (~> 0.3.5)
    rack (1.6.13)
    rack-protection (1.5.5)
      rack
    rack-test (1.1.0)
      rack (>= 1.0, < 3)
    rake (11.2.2)
    rb-fsevent (0.10.3)
    rb-inotify (0.10.0)
      ffi (~> 1.0)
    ref (2.0.0)
    sass (3.4.25)
    sinatra (1.4.8)
      rack (~> 1.5)
      rack-protection (~> 1.4)
      tilt (>= 1.3, < 3)
    slop (3.6.0)
    sprockets (2.12.4)
      hike (~> 1.2)
      multi_json (~> 1.0)
      rack (~> 1.0)
      tilt (~> 1.1, != 1.3.0)
    sprockets-helpers (1.2.1)
      sprockets (>= 2.2)
    sprockets-sass (1.3.1)
      sprockets (~> 2.0)
      tilt (~> 1.1)
    temple (0.8.1)
    therubyracer (0.12.3)
      libv8 (~> 3.16.14.15)
      ref
    thin (1.7.2)
      daemons (~> 1.0, >= 1.0.9)
      eventmachine (~> 1.0, >= 1.0.4)
      rack (>= 1, < 3)
    thor (0.14.6)
    tilt (1.4.1)
    turn (0.9.6)
      ansi
    uglifier (4.1.20)
      execjs (>= 0.3.0, < 3)
    yui-compressor (0.12.0)

PLATFORMS
  ruby

DEPENDENCIES
  arcabouco!
  guard-sprockets (= 0.3.1)
  minitest
  turn

BUNDLED WITH
   1.17.1
